GEM
  remote: https://rubygems.org/
  specs:
    httparty (0.13.5)
      json (~> 1.8)
      multi_xml (>= 0.5.2)
    json (1.8.3)
    multi_xml (0.5.5)
    terminal-notifier (1.6.3)

PLATFORMS
  ruby

DEPENDENCIES
  httparty
  terminal-notifier

BUNDLED WITH
   1.10.6
